GEM
  remote: https://rubygems.org/
  specs:
    sorbet (0.4.4429)
      sorbet-static (= 0.4.4429)
    sorbet-runtime (0.4.4429)
    sorbet-static (0.4.4429-universal-darwin-14)

PLATFORMS
  ruby

DEPENDENCIES
  sorbet
  sorbet-runtime

BUNDLED WITH
   2.0.1
